GEM
  remote: https://rubygems.org/
  specs:
    filewatcher (0.3.6)
      trollop (~> 2.0)
    trollop (2.1.1)

PLATFORMS
  ruby

DEPENDENCIES
  filewatcher
