GIT
  remote: git://github.com/k0kubun/itamae.git
  revision: c30b24591259b7fcf171b3a309d2bc70690e8625
  specs:
    itamae (1.7.0.pre)
      ansi
      hashie
      schash (~> 0.1.0)
      specinfra (>= 2.37.0, < 3.0.0)
      thor

GIT
  remote: git://github.com/k0kubun/specinfra.git
  revision: d9ddcfb8262c7f3978ebb756ef6cb558b470d189
  specs:
    specinfra (2.44.6)
      net-scp
      net-ssh (~> 2.7)
      net-telnet
      sfl

GEM
  remote: https://rubygems.org/
  specs:
    ansi (1.5.0)
    byebug (8.2.1)
    coderay (1.1.0)
    hashie (3.4.3)
    itamae-plugin-recipe-rbenv (0.4.0)
      itamae (~> 1.2)
    itamae-plugin-resource-cask (0.2.0)
      itamae
    method_source (0.8.2)
    net-scp (1.2.1)
      net-ssh (>= 2.6.5)
    net-ssh (2.9.2)
    net-telnet (0.1.1)
    pry (0.10.3)
      coderay (~> 1.1.0)
      method_source (~> 0.8.1)
      slop (~> 3.4)
    pry-byebug (3.3.0)
      byebug (~> 8.0)
      pry (~> 0.10)
    pry-doc (0.8.0)
      pry (~> 0.9)
      yard (~> 0.8)
    rake (10.4.2)
    schash (0.1.2)
    sfl (2.2)
    slop (3.6.0)
    stackprof (0.2.7)
    thor (0.19.1)
    yard (0.8.7.6)

PLATFORMS
  ruby

DEPENDENCIES
  itamae!
  itamae-plugin-recipe-rbenv
  itamae-plugin-resource-cask
  pry-byebug
  pry-doc
  rake
  specinfra!
  stackprof

BUNDLED WITH
   1.10.6
