GIT
  remote: git://github.com/k0kubun/serverkit-defaults.git
  revision: fc2ec7bc70c2237df709462f30668344077981b9
  specs:
    serverkit-defaults (0.0.3)
      plist
      serverkit

GIT
  remote: git://github.com/k0kubun/serverkit.git
  revision: 01d33922293030810b896a902dce4c41211dcbe8
  specs:
    serverkit (0.5.0)
      activemodel
      activesupport
      bundler
      hashie
      highline
      rainbow
      slop (~> 3.4)
      specinfra (>= 2.29.0)
      unix-crypt

GEM
  remote: https://rubygems.org/
  specs:
    activemodel (4.2.1)
      activesupport (= 4.2.1)
      builder (~> 3.1)
    activesupport (4.2.1)
      i18n (~> 0.7)
      json (~> 1.7, >= 1.7.7)
      minitest (~> 5.1)
      thread_safe (~> 0.3, >= 0.3.4)
      tzinfo (~> 1.1)
    builder (3.2.2)
    hashie (3.4.1)
    highline (1.7.2)
    i18n (0.7.0)
    json (1.8.2)
    minitest (5.6.1)
    net-scp (1.2.1)
      net-ssh (>= 2.6.5)
    net-ssh (2.9.2)
    plist (3.1.0)
    rainbow (2.0.0)
    serverkit-homebrew (0.0.5)
      serverkit
    serverkit-rbenv (0.0.3)
      serverkit
    slop (3.6.0)
    specinfra (2.30.4)
      net-scp
      net-ssh
    thread_safe (0.3.5)
    tzinfo (1.2.2)
      thread_safe (~> 0.1)
    unix-crypt (1.3.0)

PLATFORMS
  ruby

DEPENDENCIES
  serverkit!
  serverkit-defaults!
  serverkit-homebrew
  serverkit-rbenv
