GEM
  remote: https://rubygems.org/
  specs:
    ansi (1.5.0)
    byebug (9.1.0)
    coderay (1.1.2)
    hashie (3.5.7)
    itamae (1.9.11)
      ansi
      hashie
      schash (~> 0.1.0)
      specinfra (>= 2.64.0, < 3.0.0)
      thor
    itamae-plugin-recipe-docker (0.2.2)
      itamae (>= 1.6)
    itamae-plugin-recipe-rbenv (0.6.4)
      itamae (~> 1.2)
    itamae-plugin-resource-cask (0.2.2)
      itamae
    method_source (0.9.0)
    net-scp (1.2.1)
      net-ssh (>= 2.6.5)
    net-ssh (4.2.0)
    net-telnet (0.1.1)
    pry (0.11.3)
      coderay (~> 1.1.0)
      method_source (~> 0.9.0)
    pry-byebug (3.5.1)
      byebug (~> 9.1)
      pry (~> 0.10)
    pry-doc (0.11.1)
      pry (~> 0.9)
      yard (~> 0.9)
    rake (12.3.0)
    schash (0.1.2)
    sfl (2.3)
    specinfra (2.73.0)
      net-scp
      net-ssh (>= 2.7, < 5.0)
      net-telnet
      sfl
    stackprof (0.2.11)
    thor (0.20.0)
    yard (0.9.12)

PLATFORMS
  ruby

DEPENDENCIES
  itamae
  itamae-plugin-recipe-docker
  itamae-plugin-recipe-rbenv
  itamae-plugin-resource-cask
  pry-byebug
  pry-doc
  rake
  specinfra
  stackprof

BUNDLED WITH
   1.16.0
