GIT
  remote: git://github.com/k0kubun/specinfra.git
  revision: 41f90d0f20bc9d41ee59d0e5a28c98c3dfbc221f
  specs:
    specinfra (2.1.0)
      net-scp
      net-ssh

GEM
  remote: https://rubygems.org/
  specs:
    ansi (1.4.3)
    hashie (3.3.1)
    itamae (1.0.3)
      ansi
      hashie
      specinfra (~> 2.1.0)
      thor
    net-scp (1.2.1)
      net-ssh (>= 2.6.5)
    net-ssh (2.9.1)
    thor (0.19.1)

PLATFORMS
  ruby

DEPENDENCIES
  itamae (~> 1.0.3)
  specinfra!
